GEM
  remote: https://rubygems.org/
  specs:
    timecop (0.9.1)

PLATFORMS
  ruby

DEPENDENCIES
  timecop

BUNDLED WITH
   2.0.1
