GEM
  remote: https://rubygems.org/
  specs:
    msgpack (1.4.2)

PLATFORMS
  x86_64-linux

DEPENDENCIES
  msgpack

BUNDLED WITH
   2.2.9
